PATH
  remote: .
  specs:
    acts_as_redis_counter (1.0.0)
      activerecord (>= 3.0.0)
      redis

GEM
  remote: https://rubygems.org/
  specs:
    activemodel (3.2.1)
      activesupport (= 3.2.1)
      builder (~> 3.0.0)
    activerecord (3.2.1)
      activemodel (= 3.2.1)
      activesupport (= 3.2.1)
      arel (~> 3.0.0)
      tzinfo (~> 0.3.29)
    activesupport (3.2.1)
      i18n (~> 0.6)
      multi_json (~> 1.0)
    arel (3.0.0)
    builder (3.0.0)
    i18n (0.6.0)
    multi_json (1.0.4)
    redis (2.2.2)
    tzinfo (0.3.31)

PLATFORMS
  ruby

DEPENDENCIES
  acts_as_redis_counter!
